GEM
  remote: https://rubygems.org/
  specs:
    ansi (1.5.0)
    json (1.8.3)
    mini_portile2 (2.1.0)
    minitap (0.5.3)
      minitest (~> 5.0)
      minitest-reporter-api (>= 0.0.2)
      tapout (>= 0.3.0)
    minitest (5.8.4)
    minitest-reporter-api (0.0.2)
      minitest (~> 5.0)
    nokogiri (1.7.1)
      mini_portile2 (~> 2.1.0)
    rack (1.6.4)
    rack-protection (1.5.3)
      rack
    rack-test (0.6.3)
      rack (>= 1.0)
    rake (11.1.2)
    sinatra (1.4.7)
      rack (~> 1.5)
      rack-protection (~> 1.4)
      tilt (>= 1.3, < 3)
    tapout (0.4.5)
      ansi
      json
    tilt (2.0.2)

PLATFORMS
  ruby

DEPENDENCIES
  minitap
  minitest
  nokogiri
  rack-test
  rake
  sinatra

BUNDLED WITH
   1.14.6
